GEM
  remote: https://rubygems.org/
  specs:
    adsf (1.0.1)
      rack (>= 1.0.0)
    builder (3.0.0)
    cri (2.1.0)
    dogapi (1.7.1)
      json (>= 1.5.1)
    json (1.7.1)
    kramdown (0.13.4)
    mime-types (1.17.2)
    nanoc (3.2.4)
      nanoc3 (>= 3.2.4)
    nanoc3 (3.2.4)
      cri (~> 2.0)
    nokogiri (1.5.0)
    pygmentize (0.0.3)
    rack (1.4.0)
    rake (0.9.2.2)
    systemu (2.4.2)
    w3c_validators (1.2)
      json
      nokogiri

PLATFORMS
  ruby

DEPENDENCIES
  adsf
  builder
  dogapi (= 1.7.1)
  kramdown
  mime-types
  nanoc
  nokogiri
  pygmentize
  rake
  systemu
  w3c_validators
